GEM
  remote: https://rubygems.org/
  specs:
    barby (0.5.1)
    cairo (1.12.4)
      pkg-config
    pkg-config (1.1.4)
    rqrcode (0.4.2)

PLATFORMS
  ruby

DEPENDENCIES
  barby
  cairo
  rqrcode
